PATH
  remote: .
  specs:
    active_merchant_sermepa (0.0.1)
      activemerchant (>= 1.9.4)

GEM
  remote: http://rubygems.org/
  specs:
    abstract (1.0.0)
    actionpack (3.0.4)
      activemodel (= 3.0.4)
      activesupport (= 3.0.4)
      builder (~> 2.1.2)
      erubis (~> 2.6.6)
      i18n (~> 0.4)
      rack (~> 1.2.1)
      rack-mount (~> 0.6.13)
      rack-test (~> 0.5.7)
      tzinfo (~> 0.3.23)
    activemerchant (1.11.0)
      activesupport (>= 2.3.8)
      braintree (>= 2.0.0)
      builder (>= 2.0.0)
    activemodel (3.0.4)
      activesupport (= 3.0.4)
      builder (~> 2.1.2)
      i18n (~> 0.4)
    activesupport (3.0.4)
    braintree (2.8.0)
      builder
    builder (2.1.2)
    erubis (2.6.6)
      abstract (>= 1.0.0)
    i18n (0.5.0)
    mocha (0.9.12)
    money (3.5.5)
      i18n (~> 0.4)
    rack (1.2.1)
    rack-mount (0.6.13)
      rack (>= 1.0.0)
    rack-test (0.5.7)
      rack (>= 1.0)
    tzinfo (0.3.24)

PLATFORMS
  ruby

DEPENDENCIES
  actionpack (~> 3.0.3)
  active_merchant_sermepa!
  activemerchant (>= 1.9.4)
  mocha (~> 0.9.10)
  money (~> 3.5.4)
